GEM
  remote: https://rubygems.org/
  specs:
    commonjs (0.2.7)
    dotenv (0.9.0)
    em-websocket (0.5.0)
      eventmachine (>= 0.12.9)
      http_parser.rb (~> 0.5.3)
    eventmachine (1.0.3)
    foreman (0.63.0)
      dotenv (>= 0.7)
      thor (>= 0.13.6)
    http_parser.rb (0.5.3)
    less (2.4.0)
      commonjs (~> 0.2.7)
    libv8 (3.16.14.3)
    rack (1.5.2)
    rack-protection (1.5.2)
      rack
    ref (1.0.5)
    serialport (1.3.0)
    sinatra (1.4.4)
      rack (~> 1.4)
      rack-protection (~> 1.4)
      tilt (~> 1.3, >= 1.3.4)
    slim (2.0.2)
      temple (~> 0.6.6)
      tilt (>= 1.3.3, < 2.1)
    temple (0.6.7)
    therubyracer (0.12.0)
      libv8 (~> 3.16.14.0)
      ref
    thor (0.18.1)
    tilt (1.4.1)

PLATFORMS
  ruby

DEPENDENCIES
  em-websocket
  foreman
  less
  serialport
  sinatra
  slim
  therubyracer
